GEM
  remote: https://rubygems.org/
  specs:
    geocoder (1.4.0)

PLATFORMS
  ruby

DEPENDENCIES
  geocoder

RUBY VERSION
   ruby 2.3.1p112

BUNDLED WITH
   1.12.5
