GEM
  remote: https://rubygems.org/
  specs:
    byebug (9.0.6)
    diff-lcs (1.2.5)
    geocoder (1.4.0)
    json (1.8.3)
    rspec (3.5.0)
      rspec-core (~> 3.5.0)
      rspec-expectations (~> 3.5.0)
      rspec-mocks (~> 3.5.0)
    rspec-core (3.5.4)
      rspec-support (~> 3.5.0)
    rspec-expectations (3.5.0)
      diff-lcs (>= 1.2.0, < 2.0)
      rspec-support (~> 3.5.0)
    rspec-mocks (3.5.0)
      diff-lcs (>= 1.2.0, < 2.0)
      rspec-support (~> 3.5.0)
    rspec-support (3.5.0)

PLATFORMS
  ruby

DEPENDENCIES
  byebug
  geocoder
  json
  rspec

RUBY VERSION
   ruby 2.3.1p112

BUNDLED WITH
   1.12.5
